GEM
  remote: http://rubygems.org/
  specs:
    activesupport (3.1.0)
      multi_json (~> 1.0)
    addressable (2.2.7)
    ansi (1.4.2)
    array_stats (0.6.0)
    crack (0.3.1)
    googlecharts (1.6.8)
    json (1.6.3)
    mime-types (1.17.2)
    minitest (2.11.2)
    minitest-reporters (0.5.1)
      ansi
      minitest (~> 2.0)
      ruby-progressbar
    multi_json (1.0.4)
    pdfkit (0.5.2)
    rack (1.3.5)
    rack-protection (1.1.4)
      rack
    rake (0.9.2.2)
    redcarpet (2.1.0)
    rest-client (1.6.7)
      mime-types (>= 1.16)
    ruby-progressbar (0.0.10)
    sinatra (1.3.1)
      rack (>= 1.3.4, ~> 1.3)
      rack-protection (>= 1.1.2, ~> 1.1)
      tilt (>= 1.3.3, ~> 1.3)
    tilt (1.3.3)
    webmock (1.8.0)
      addressable (>= 2.2.7)
      crack (>= 0.1.7)

PLATFORMS
  ruby

DEPENDENCIES
  activesupport
  array_stats
  googlecharts
  json
  minitest
  minitest-reporters
  pdfkit
  rake
  redcarpet
  rest-client
  sinatra
  tilt
  webmock
